GEM
  remote: https://rubygems.org/
  specs:
    backports (3.3.1)
    jsmin (1.0.1)
    rack (1.5.2)
    rack-protection (1.5.0)
      rack
    rack-test (0.6.2)
      rack (>= 1.0)
    redcarpet (2.3.0)
    sass (3.2.9)
    shotgun (0.9)
      rack (>= 1.0)
    sinatra (1.4.2)
      rack (~> 1.5, >= 1.5.2)
      rack-protection (~> 1.4)
      tilt (~> 1.3, >= 1.3.4)
    sinatra-assetpack (0.2.2)
      backports
      jsmin
      rack-test
      sinatra
      tilt (>= 1.3.0)
    tilt (1.4.1)

PLATFORMS
  ruby

DEPENDENCIES
  redcarpet (= 2.3.0)
  sass (= 3.2.9)
  shotgun (= 0.9)
  sinatra (= 1.4.2)
  sinatra-assetpack (= 0.2.2)
